GEM
  remote: http://rubygems.org/
  specs:
    activesupport (2.3.10)
    builder (2.1.2)
    diff-lcs (1.1.2)
    hpricot (0.8.3)
    rcov (0.9.9)
    rspec (2.1.0)
      rspec-core (~> 2.1.0)
      rspec-expectations (~> 2.1.0)
      rspec-mocks (~> 2.1.0)
    rspec-core (2.1.0)
    rspec-expectations (2.1.0)
      diff-lcs (~> 1.1.2)
    rspec-mocks (2.1.0)
    rtf (0.1.0)

PLATFORMS
  ruby

DEPENDENCIES
  activesupport (~> 2.3.10)
  builder (= 2.1.2)
  hpricot
  rcov
  rspec (~> 2.1.0)
  rtf
